GEM
  remote: http://rubygems.org/
  specs:
    fssm (0.2.8.1)

PLATFORMS
  ruby

DEPENDENCIES
  fssm
